PATH
  remote: .
  specs:
    adva-core (0.0.1)
      gem_patching
      inherited_resources (= 1.1.2)
      inherited_resources_helpers (= 0.0.8)
      minimal (= 0.0.19)
      nbrew-country_select
      rails (= 3.0.0)
      routing-filter (= 0.1.6)
      silence_log_tailer
      simple_form
      simple_nested_set (= 0.0.12)
      simple_slugs (= 0.0.7)
      simple_table (= 0.0.5)

GEM
  remote: http://rubygems.org/
  specs:
    abstract (1.0.0)
    actionmailer (3.0.0)
      actionpack (= 3.0.0)
      mail (~> 2.2.5)
    actionpack (3.0.0)
      activemodel (= 3.0.0)
      activesupport (= 3.0.0)
      builder (~> 2.1.2)
      erubis (~> 2.6.6)
      i18n (~> 0.4.1)
      rack (~> 1.2.1)
      rack-mount (~> 0.6.12)
      rack-test (~> 0.5.4)
      tzinfo (~> 0.3.23)
    activemodel (3.0.0)
      activesupport (= 3.0.0)
      builder (~> 2.1.2)
      i18n (~> 0.4.1)
    activerecord (3.0.0)
      activemodel (= 3.0.0)
      activesupport (= 3.0.0)
      arel (~> 1.0.0)
      tzinfo (~> 0.3.23)
    activeresource (3.0.0)
      activemodel (= 3.0.0)
      activesupport (= 3.0.0)
    activesupport (3.0.0)
    arel (1.0.1)
      activesupport (~> 3.0.0)
    builder (2.1.2)
    erubis (2.6.6)
      abstract (>= 1.0.0)
    gem_patching (0.0.2)
    has_scope (0.5.0)
    i18n (0.4.1)
    inherited_resources (1.1.2)
      has_scope (~> 0.5.0)
      responders (~> 0.6.0)
    inherited_resources_helpers (0.0.8)
    mail (2.2.6.1)
      activesupport (>= 2.3.6)
      mime-types
      treetop (>= 1.4.5)
    mime-types (1.16)
    minimal (0.0.19)
      actionpack (>= 3.0.0.beta2)
    nbrew-country_select (0.0.1)
    polyglot (0.3.1)
    rack (1.2.1)
    rack-mount (0.6.13)
      rack (>= 1.0.0)
    rack-test (0.5.4)
      rack (>= 1.0)
    rails (3.0.0)
      actionmailer (= 3.0.0)
      actionpack (= 3.0.0)
      activerecord (= 3.0.0)
      activeresource (= 3.0.0)
      activesupport (= 3.0.0)
      bundler (~> 1.0.0)
      railties (= 3.0.0)
    railties (3.0.0)
      actionpack (= 3.0.0)
      activesupport (= 3.0.0)
      rake (>= 0.8.4)
      thor (~> 0.14.0)
    rake (0.8.7)
    responders (0.6.2)
    routing-filter (0.1.6)
      actionpack
    silence_log_tailer (0.0.1)
    simple_form (1.2.2)
    simple_nested_set (0.0.12)
      activerecord (>= 3.0.0.beta4)
      activesupport
    simple_slugs (0.0.7)
    simple_table (0.0.5)
      actionpack (~> 3.0.0.rc)
      activesupport (~> 3.0.0.rc)
    thor (0.14.1)
    treetop (1.4.8)
      polyglot (>= 0.3.1)
    tzinfo (0.3.23)

PLATFORMS
  ruby

DEPENDENCIES
  adva-core!
  gem_patching
  inherited_resources (= 1.1.2)
  inherited_resources_helpers (= 0.0.8)
  minimal (= 0.0.19)
  nbrew-country_select
  rails (= 3.0.0)
  routing-filter (= 0.1.6)
  silence_log_tailer
  simple_form
  simple_nested_set (= 0.0.12)
  simple_slugs (= 0.0.7)
  simple_table (= 0.0.5)
